PATH
  remote: .
  specs:
    enchanted_quill (0.1.0)

GEM
  remote: https://rubygems.org/
  specs:
    rake (10.5.0)

PLATFORMS
  ruby

DEPENDENCIES
  enchanted_quill!
  rake

BUNDLED WITH
   1.11.2
